PATH
  remote: .
  specs:
    critbit (0.5.0-java)

GEM
  remote: https://rubygems.org/
  specs:
    activesupport (4.2.5)
      i18n (~> 0.7)
      json (~> 1.7, >= 1.7.7)
      minitest (~> 5.1)
      thread_safe (~> 0.3, >= 0.3.4)
      tzinfo (~> 1.1)
    docile (1.1.5)
    i18n (0.7.0)
    json (1.8.3-java)
    minitest (5.8.3)
    shoulda (3.5.0)
      shoulda-context (~> 1.0, >= 1.0.1)
      shoulda-matchers (>= 1.4.1, < 3.0)
    shoulda-context (1.2.1)
    shoulda-matchers (2.8.0)
      activesupport (>= 3.0.0)
    simplecov (0.11.1)
      docile (~> 1.1.0)
      json (~> 1.8)
      simplecov-html (~> 0.10.0)
    simplecov-html (0.10.0)
    thread_safe (0.3.5-java)
    tzinfo (1.2.2)
      thread_safe (~> 0.1)
    yard (0.8.7.6)

PLATFORMS
  java

DEPENDENCIES
  critbit!
  shoulda (~> 3.5)
  simplecov (~> 0.7, >= 0.7.1)
  yard (~> 0.8, >= 0.8.5.2)

BUNDLED WITH
   1.11.2
